GEM
  remote: https://rubygems.org/
  specs:
    rack (1.6.12)

PLATFORMS
  ruby

DEPENDENCIES
  rack

RUBY VERSION
   ruby 2.5.3p105

BUNDLED WITH
   2.0.1
